{
  "AcquisitionDuration": 30.727,
  "AcquisitionMatrixPE": 76,
  "AcquisitionTime": "18:12:43.822500",
  "B0FieldIdentifier": "pilot021pepolarbold",
  "BandwidthPerPixelPhaseEncode": 40.486,
  "BaseResolution": 102,
  "DerivedVendorReportedEchoSpacing": 0.000649997,
  "DwellTime": 2.5e-06,
  "EchoTrainLength": 28,
  "EffectiveEchoSpacing": 0.000324999,
  "FlipAngle": 64,
  "ImageOrientationPatientDICOM": [
    0.998037,
    0.0103543,
    0.0617576,
    0.0118455,
    0.937211,
    -0.348562
  ],
  "ImageType": ["ORIGINAL", "PRIMARY", "FMRI", "NONE"],
  "ImageTypeText": ["ORIGINAL", "PRIMARY", "M", "DIS2D"],
  "InPlanePhaseEncodingDirectionDICOM": "ROW",
  "PercentPhaseFOV": 74.5098,
  "PhaseEncodingDirection": "i-",
  "PixelBandwidth": 1961,
  "ProcedureStepDescription": "RESEARCH Oscar",
  "ProtocolName": "fmap-epi_acq-bold_dir-LR__cmrr_me4_sms1",
  "PulseSequenceName": "epfid2d1_76",
  "ReceiveCoilActiveElements": "HC1-7",
  "ReconMatrixPE": 76,
  "RefLinesPE": 18,
  "RepetitionTime": 3.811,
  "SequenceVariant": "SK\\SS\\OSP",
  "SeriesDescription": "fmap-epi_acq-bold_dir-LR__cmrr_me4_sms1",
  "SeriesNumber": 17,
  "ShimSetting": [
    8234,
    -5625,
    -6000,
    657,
    -62,
    -207,
    16,
    -6
  ],
  "SliceThickness": 2.2,
  "SliceTiming": [
    1.8975, 0, 1.96, 0.065, 2.0225, 0.1275, 2.085, 0.19, 2.15, 0.255, 2.2125, 0.3175, 2.275, 0.38, 2.34,
    0.4425, 2.4025, 0.5075, 2.465, 0.57, 2.5275, 0.6325, 2.5925, 0.695, 2.655, 0.76, 2.7175, 0.8225,
    2.78, 0.885, 2.845, 0.95, 2.9075, 1.0125, 2.97, 1.075, 3.035, 1.1375, 3.0975, 1.2025, 3.16, 1.265,
    3.2225, 1.3275, 3.2875, 1.39, 3.35, 1.455, 3.4125, 1.5175, 3.475, 1.58, 3.54, 1.645, 3.6025, 1.7075,
    3.665, 1.77, 3.7275, 1.8325
  ],
  "SpacingBetweenSlices": 2.2,
  "TotalReadoutTime": 0.0243749,
  "TxRefAmp": 247.681,
  "WipMemBlock": "3169429f-ecc4-4684-b523-b1464009f2e7||Sequence: R017 nxva30a/master r/d34922cc2+; Jun 27 2022 13:20:16 by eja"
}