{
  "AcquisitionDuration": 30.725,
  "AcquisitionMatrixPE": 96,
  "AcquisitionTime": "18:14:13.855000",
  "B0FieldIdentifier": "pilot021pepolarbold",
  "BandwidthPerPixelPhaseEncode": 39.308,
  "BaseResolution": 96,
  "DerivedVendorReportedEchoSpacing": 0.000530002,
  "DwellTime": 2.3e-06,
  "EchoTrainLength": 35,
  "EffectiveEchoSpacing": 0.000265001,
  "FlipAngle": 64,
  "ImageOrientationPatientDICOM": [
    0.998037,
    0.0103542,
    0.0617577,
    0.0118456,
    0.937211,
    -0.348562
  ],
  "ImageType": ["ORIGINAL", "PRIMARY", "FMRI", "NONE"],
  "ImageTypeText": ["ORIGINAL", "PRIMARY", "M", "DIS2D"],
  "InPlanePhaseEncodingDirectionDICOM": "COL",
  "PercentPhaseFOV": 100,
  "PhaseEncodingDirection": "j-",
  "PixelBandwidth": 2264,
  "ProcedureStepDescription": "RESEARCH Oscar",
  "ProtocolName": "fmap-epi_acq-bold_dir-AP__cmrr_me4_sms1",
  "PulseSequenceName": "epfid2d1_96",
  "ReceiveCoilActiveElements": "HC1-7",
  "ReconMatrixPE": 96,
  "RefLinesPE": 22,
  "RepetitionTime": 3.808,
  "SequenceVariant": "SK\\SS",
  "SeriesDescription": "fmap-epi_acq-bold_dir-AP__cmrr_me4_sms1",
  "SeriesNumber": 29,
  "ShimSetting": [
    8234,
    -5624,
    -6002,
    648,
    -66,
    -208,
    15,
    -3
  ],
  "SliceThickness": 2.2,
  "SliceTiming": [
    1.8925, 0, 1.9575, 0.0625, 2.02, 0.125, 2.0825, 0.19, 2.145, 0.2525, 2.21, 0.315, 2.2725, 0.3775,
    2.335, 0.4425, 2.3975, 0.505, 2.4625, 0.5675, 2.525, 0.63, 2.5875, 0.695, 2.65, 0.7575, 2.715, 0.82,
    2.7775, 0.8825, 2.84, 0.9475, 2.9025, 1.01, 2.9675, 1.0725, 3.03, 1.135, 3.0925, 1.2, 3.155, 1.2625,
    3.22, 1.325, 3.2825, 1.3875, 3.345, 1.4525, 3.4075, 1.515, 3.4725, 1.5775, 3.535, 1.64, 3.5975,
    1.705, 3.66, 1.7675, 3.725, 1.83
  ],
  "SpacingBetweenSlices": 2.2,
  "TotalReadoutTime": 0.0251751,
  "TxRefAmp": 247.681,
  "WipMemBlock": "8761456e-f4e5-427f-a7ed-966cbac16bcd||Sequence: R017 nxva30a/master r/d34922cc2+; Jun 27 2022 13:20:16 by eja"
}