{
  "AcquisitionMatrixPE": 114,
  "AcquisitionTime": "18:05:3.157500",
  "B0FieldIdentifier": "pilot021phasediff",
  "BaseResolution": 114,
  "DwellTime": 3.6e-06,
  "EchoTime": 0.00691,
  "EchoTime1": 0.00445,
  "EchoTime2": 0.00691,
  "FlipAngle": 55,
  "ImageOrientationPatientDICOM": [
    0.999664,
    0.0022842,
    0.0258221,
    0.00593222,
    0.94952,
    -0.313651
  ],
  "PartialFourier": 1,
  "PhaseEncodingDirection": "j",
  "PhaseEncodingSteps": 114,
  "PixelBandwidth": 1218,
  "ProcedureStepDescription": "RESEARCH Oscar",
  "ProtocolName": "fmap-phasediff__gre",
  "ReceiveCoilActiveElements": "HC1-7",
  "ReconMatrixPE": 114,
  "RepetitionTime": 0.324,
  "SAR": 0.118896,
  "ScanOptions": "PER",
  "SeriesDescription": "fmap-phasediff__gre",
  "SeriesNumber": 14,
  "ShimSetting": [
    8231,
    -5628,
    -6006,
    659,
    -74,
    -216,
    -2,
    -7
  ],
  "SliceThickness": 2,
  "SliceTiming": [
    74.8485, 0, 0, 0, 0, 0, 0, 0, 0, 0, 0, 0, 0, 0, 0, 0, 0, 0, 0, 0, 0, 0, 0, 0, 0, 0, 0, 0, 0, 0, 0,
    0, 0, 0, 0, 0, 0, 0, 0, 0, 0, 0, 0, 0, 0, 0, 0, 0, 0, 0, 0, 0, 0, 0, 0, 0, 0, 0, 0, 0, 0, 0, 0, 0,
    0, 0, 0, 0, 0, 0, 0, 0
  ],
  "SpacingBetweenSlices": 2,
  "TxRefAmp": 247.681,
  "dcmmeta_affine": [
    [-1.9993280172348022, 0.011864439584314823, 0.05000000074505806, 116.0273208618164],
    [-0.004568399861454964, 1.8990399837493896, -0.6269999742507935, -65.46752166748047],
    [0.05164419859647751, 0.6273019909858704, 1.8990000486373901, -83.6521224975586],
    [0.0, 0.0, 0.0, 1.0]
  ],
  "dcmmeta_reorient_transform": [
    [0.0, -1.0, 0.0, 113.0],
    [1.0, 0.0, 0.0, 0.0],
    [0.0, 0.0, -1.0, 71.0],
    [0.0, 0.0, 0.0, 1.0]
  ],
  "dcmmeta_shape": [114, 114, 72],
  "global": {
    "const": {
      "AcquisitionMatrix": [114, 0, 0, 114],
      "AcquisitionNumber": 1,
      "AngioFlag": "N",
      "BeatRejectionFlag": "N",
      "BitsAllocated": 16,
      "BitsStored": 12,
      "BodyPartExamined": "BRAIN",
      "BurnedInAnnotation": "NO",
      "CardiacNumberOfImages": 1,
      "Columns": 114,
      "ConfidentialityCode": "N",
      "ContentQualification": "PRODUCT",
      "ContentTime": "180621",
      "EchoTime": 6.91,
      "EchoTrainLength": 0,
      "FlipAngle": 55.0,
      "HighBit": 11,
      "ImageOrientationPatient": [
        0.999664,
        0.0022842,
        0.0258221,
        0.00593222,
        0.94952,
        -0.313651
      ],
      "ImageType": ["ORIGINAL", "PRIMARY", "P", "DIS2D", "MFSPLIT"],
      "ImagedNucleus": "1H",
      "ImagingFrequency": 123.248147,
      "InPlanePhaseEncodingDirection": "COL",
      "InstanceCreationTime": "180503.157500",
      "LargestImagePixelValue": 4095,
      "LossyImageCompression": "00",
      "MRAcquisitionType": "2D",
      "MagneticFieldStrength": 3.0,
      "Manufacturer": "Siemens Healthineers",
      "ManufacturerModelName": "MAGNETOM Prisma Fit",
      "ModalitiesInStudy": ["MR", "SR"],
      "Modality": "MR",
      "NumberOfAverages": 1.0,
      "NumberOfPhaseEncodingSteps": 114,
      "NumberOfStudyRelatedInstances": 34448,
      "NumberOfTemporalPositions": 1,
      "PercentPhaseFieldOfView": 100.0,
      "PercentSampling": 100.0,
      "PerformedProcedureStepStartTime": "163521.100000",
      "PhotometricInterpretation": "MONOCHROME2",
      "PixelBandwidth": 1218.0,
      "PixelRepresentation": 0,
      "PixelSpacing": [2.0, 2.0],
      "PresentationLUTShape": "IDENTITY",
      "ProtocolName": "fmap-phasediff__gre",
      "ReceiveCoilName": "HeadNeck_64",
      "RepetitionTime": 324.0,
      "RescaleIntercept": -4096.0,
      "RescaleSlope": 2.0,
      "Rows": 114,
      "SAR": 0.11889647802813,
      "SamplesPerPixel": 1,
      "ScanOptions": "PER",
      "ScanningSequence": "GR",
      "SequenceName": "*fm2d2r",
      "SequenceVariant": "SK",
      "SeriesDescription": "fmap-phasediff__gre",
      "SeriesNumber": 14,
      "SeriesTime": "180505",
      "SliceThickness": 2.0,
      "SmallestImagePixelValue": 0,
      "SoftwareVersions": "syngo MR XA30",
      "SpacingBetweenSlices": 2.0,
      "SpecificCharacterSet": "ISO_IR 100",
      "StudyID": "64938be6-2c9b-4a",
      "StudyTime": "163521",
      "TransmitCoilName": "Body"
    },
