{
  "AcquisitionNumber": 1,
  "BodyPartExamined": "BRAIN",
  "CoilCombinationMethod": "Adaptive Combine",
  "CoilString": "HeadNeck_64",
  "ConversionSoftware": "dcm2niix",
  "ConversionSoftwareVersion": "v1.0.20220720",
  "DeviceSerialNumber": "67014",
  "EchoNumber": 2,
  "HeudiconvVersion": "1.0.0",
  "ImageType": [
    "ORIGINAL",
    "PRIMARY",
    "P",
    "DIS2D",
    "MFSPLIT",
    "PHASE"
  ],
  "ImageTypeText": [
    "ORIGINAL",
    "PRIMARY",
    "P",
    "NONE"
  ],
  "ImagingFrequency": 123.248,
  "InPlanePhaseEncodingDirectionDICOM": "COL",
  "InstitutionAddress": "Rue du Bugnon 21,Lausanne,District,CH,1011",
  "InstitutionName": "CHUV",
  "MRAcquisitionType": "2D",
  "MagneticFieldStrength": 3,
  "Manufacturer": "Siemens",
  "ManufacturersModelName": "MAGNETOM Prisma Fit",
  "MatrixCoilMode": "SENSE",
  "Modality": "MR",
  "NonlinearGradientCorrection": true,
  "PatientPosition": "HFS",
  "PercentPhaseFOV": 100,
  "PercentSampling": 100,
  "PhaseResolution": 1,
  "PulseSequenceDetails": "%SiemensSeq%\\gre_field_mapping",
  "ReceiveCoilName": "HeadNeck_64",
  "ScanningSequence": "GR",
  "SequenceName": "*fm2d2r",
  "SequenceVariant": "SK",
  "SoftwareVersions": "syngo MR XA30",
  "StationName": "LRG10884",
  "dcmmeta_slice_dim": 2,
  "dcmmeta_version": 0.6
}