{
  "AcquisitionNumber": 1,
  "BodyPartExamined": "BRAIN",
  "CoilCombinationMethod": "Sum of Squares",
  "CoilString": "HeadNeck_64",
  "ConversionSoftware": "dcm2niix",
  "ConversionSoftwareVersion": "v1.0.20220720",
  "DeviceSerialNumber": "67014",
  "HeudiconvVersion": "1.0.0",
  "ImageComments": "Unaliased MB4/PE4/LB",
  "ImagingFrequency": 123.248,
  "InstitutionAddress": "Rue du Bugnon 21,Lausanne,District,CH,1011",
  "InstitutionName": "CHUV",
  "MRAcquisitionType": "2D",
  "MTState": false,
  "MagneticFieldStrength": 3,
  "Manufacturer": "Siemens",
  "ManufacturersModelName": "MAGNETOM Prisma Fit",
  "MatrixCoilMode": "GRAPPA",
  "Modality": "MR",
  "MultibandAccelerationFactor": 4,
  "NonlinearGradientCorrection": true,
  "ParallelAcquisitionTechnique": "GRAPPA",
  "ParallelReductionFactorInPlane": 2,
  "PartialFourier": 0.75,
  "PartialFourierDirection": "PHASE",
  "PatientPosition": "HFS",
  "PercentSampling": 100,
  "PhaseResolution": 1,
  "ProcedureStepDescription": "https://www.axonlab.org/hcph-sops/",
  "PulseSequenceDetails": "%CustomerSeq%\\cmrr_mbep2d_bold",
  "ReceiveCoilName": "HeadNeck_64",
  "ScanOptions": "PFP\\FS",
  "ScanningSequence": "EP",
  "SoftwareVersions": "syngo MR XA30",
  "StationName": "LRG10884",
  "TaskName": "Quality Control Task (QCT)"
}