{
  "AcquisitionDuration": 188.475,
  "AcquisitionMatrixPE": 76,
  "AcquisitionTime": "18:55:33.352500",
  "B0FieldSource": ["pilot020pepolarbold", "pilot020phasediff"],
  "BandwidthPerPixelPhaseEncode": 40.486,
  "BaseResolution": 102,
  "DerivedVendorReportedEchoSpacing": 0.000649997,
  "DwellTime": 2.5e-06,
  "EchoNumber": 1,
  "EchoTime": 0.0126,
  "EchoTrainLength": 28,
  "EffectiveEchoSpacing": 0.000324999,
  "FlipAngle": 64,
  "ImageOrientationPatientDICOM": [
    0.998991,
    0.032011,
    0.0315146,
    -0.0183095,
    0.930802,
    -0.365066
  ],
  "ImageType": ["ORIGINAL", "PRIMARY", "FMRI", "NONE"],
  "ImageTypeText": [
    "ORIGINAL",
    "PRIMARY",
    "M",
    "MB",
    "TE1",
    "DIS2D"
  ],
  "InPlanePhaseEncodingDirectionDICOM": "ROW",
  "PercentPhaseFOV": 74.5098,
  "PhaseEchoTime1": 0.0126,
  "PhaseEchoTime2": 0.0322,
  "PhaseEncodingDirection": "i",
  "PixelBandwidth": 1961,
  "ProtocolName": "func-bold_task-qct_dir-RL__cmrr_me4_sms4",
  "PulseSequenceName": "epfid2d4_76",
  "ReceiveCoilActiveElements": "HC1-7",
  "ReconMatrixPE": 76,
  "RefLinesPE": 18,
  "RepetitionTime": 1.6,
  "SequenceVariant": "SK\\SS\\OSP",
  "SeriesDescription": "func-bold_task-qct_dir-RL__cmrr_me4_sms4",
  "SeriesNumber": 22,
  "ShimSetting": [
    8230,
    -5612,
    -6007,
    689,
    -58,
    -229,
    8,
    8
  ],
  "SliceThickness": 2.2,
  "SliceTiming": [
    0, 0.8425, 0.105, 0.9475, 0.21, 1.0525, 0.3175, 1.16, 0.4225, 1.265, 0.5275, 1.37, 0.6325, 1.475,
    0.7375, 0, 0.8425, 0.105, 0.9475, 0.21, 1.0525, 0.3175, 1.16, 0.4225, 1.265, 0.5275, 1.37, 0.6325,
    1.475, 0.7375, 0, 0.8425, 0.105, 0.9475, 0.21, 1.0525, 0.3175, 1.16, 0.4225, 1.265, 0.5275, 1.37,
    0.6325, 1.475, 0.7375, 0, 0.8425, 0.105, 0.9475, 0.21, 1.0525, 0.3175, 1.16, 0.4225, 1.265, 0.5275,
    1.37, 0.6325, 1.475, 0.7375
  ],
  "SpacingBetweenSlices": 2.2,
  "TotalReadoutTime": 0.0243749,
  "TxRefAmp": 247.631,
  "WipMemBlock": "448fba87-96ac-4825-94de-9efd4c2b288f||Sequence: R017 nxva30a/master r/d34922cc2+; Jun 27 2022 13:20:16 by eja"
}