{
  "AcquisitionDuration": 188.475,
  "AcquisitionMatrixPE": 96,
  "AcquisitionTime": "18:08:24.365000",
  "B0FieldSource": ["pilot021pepolarbold", "pilot021phasediff"],
  "BandwidthPerPixelPhaseEncode": 37.879,
  "BaseResolution": 96,
  "DerivedVendorReportedEchoSpacing": 0.000549997,
  "DwellTime": 2.3e-06,
  "EchoNumber": 4,
  "EchoTime": 0.07392,
  "EchoTrainLength": 35,
  "EffectiveEchoSpacing": 0.000274998,
  "FlipAngle": 64,
  "ImageOrientationPatientDICOM": [
    0.99804,
    0.0105179,
    0.0616968,
    0.0116713,
    0.937209,
    -0.348574
  ],
  "ImageType": ["ORIGINAL", "PRIMARY", "FMRI", "NONE"],
  "ImageTypeText": [
    "ORIGINAL",
    "PRIMARY",
    "M",
    "MB",
    "TE4",
    "DIS2D"
  ],
  "InPlanePhaseEncodingDirectionDICOM": "COL",
  "PercentPhaseFOV": 100,
  "PhaseEncodingDirection": "j-",
  "PixelBandwidth": 2264,
  "ProtocolName": "func-bold_task-qc_dir-AP__cmrr_me4_sms4",
  "PulseSequenceName": "epfid2d4_96",
  "ReceiveCoilActiveElements": "HC1-7",
  "ReconMatrixPE": 96,
  "RefLinesPE": 22,
  "RepetitionTime": 1.6,
  "SequenceVariant": "SK\\SS",
  "SeriesDescription": "func-bold_task-qc_dir-AP__cmrr_me4_sms4",
  "SeriesNumber": 15,
  "ShimSetting": [
    8234,
    -5617,
    -6001,
    665,
    -52,
    -147,
    14,
    3
  ],
  "SliceThickness": 2.2,
  "SliceTiming": [
    0, 0.8425, 0.105, 0.9475, 0.2125, 1.055, 0.3175, 1.16, 0.4225, 1.265, 0.5275, 1.37, 0.6325, 1.475,
    0.7375, 0, 0.8425, 0.105, 0.9475, 0.2125, 1.055, 0.3175, 1.16, 0.4225, 1.265, 0.5275, 1.37, 0.6325,
    1.475, 0.7375, 0, 0.8425, 0.105, 0.9475, 0.2125, 1.055, 0.3175, 1.16, 0.4225, 1.265, 0.5275, 1.37,
    0.6325, 1.475, 0.7375, 0, 0.8425, 0.105, 0.9475, 0.2125, 1.055, 0.3175, 1.16, 0.4225, 1.265, 0.5275,
    1.37, 0.6325, 1.475, 0.7375
  ],
  "SpacingBetweenSlices": 2.2,
  "TotalReadoutTime": 0.0261249,
  "TxRefAmp": 247.681,
  "WipMemBlock": "e0d9ef17-400f-43f8-a2d7-3895a741b4d5||Sequence: R017 nxva30a/master r/d34922cc2+; Jun 27 2022 13:20:16 by eja"
}