{
  "AcquisitionDuration": 361.475,
  "AcquisitionMatrixPE": 76,
  "AcquisitionTime": "18:40:2.250000",
  "B0FieldSource": ["pilot021pepolarbold", "pilot021phasediff"],
  "BandwidthPerPixelPhaseEncode": 40.486,
  "BaseResolution": 102,
  "DerivedVendorReportedEchoSpacing": 0.000649997,
  "DwellTime": 2.5e-06,
  "EchoNumber": 1,
  "EchoTime": 0.0126,
  "EchoTrainLength": 28,
  "EffectiveEchoSpacing": 0.000324999,
  "ImageOrientationPatientDICOM": [
    0.998037,
    0.0103543,
    0.0617576,
    0.0118455,
    0.937211,
    -0.348562
  ],
  "ImageType": ["ORIGINAL", "PRIMARY", "FMRI", "NONE"],
  "ImageTypeText": [
    "ORIGINAL",
    "PRIMARY",
    "M",
    "MB",
    "TE1",
    "DIS2D"
  ],
  "InPlanePhaseEncodingDirectionDICOM": "ROW",
  "PercentPhaseFOV": 74.5098,
  "PercentSampling": 100,
  "PhaseEchoTime1": 0.0126,
  "PhaseEchoTime2": 0.0322,
  "PhaseEncodingDirection": "i",
  "PhaseResolution": 1,
  "PixelBandwidth": 1961,
  "ProtocolName": "func-bold_task-bht_dir-RL__cmrr_me4_sms4",
  "PulseSequenceName": "epfid2d4_76",
  "ReceiveCoilActiveElements": "HC1-7",
  "ReconMatrixPE": 76,
  "RefLinesPE": 18,
  "RepetitionTime": 1.6,
  "SequenceVariant": "SK\\SS\\OSP",
  "SeriesDescription": "func-bold_task-bht_dir-RL__cmrr_me4_sms4",
  "SeriesNumber": 37,
  "ShimSetting": [
    8234,
    -5625,
    -6000,
    657,
    -62,
    -207,
    16,
    -6
  ],
  "SliceThickness": 2.2,
  "SliceTiming": [
    0, 0.8425, 0.105, 0.9475, 0.21, 1.0525, 0.315, 1.1575, 0.42, 1.2625, 0.525, 1.3675, 0.63, 1.475,
    0.7375, 0, 0.8425, 0.105, 0.9475, 0.21, 1.0525, 0.315, 1.1575, 0.42, 1.2625, 0.525, 1.3675, 0.63,
    1.475, 0.7375, 0, 0.8425, 0.105, 0.9475, 0.21, 1.0525, 0.315, 1.1575, 0.42, 1.2625, 0.525, 1.3675,
    0.63, 1.475, 0.7375, 0, 0.8425, 0.105, 0.9475, 0.21, 1.0525, 0.315, 1.1575, 0.42, 1.2625, 0.525,
    1.3675, 0.63, 1.475, 0.7375
  ],
  "SpacingBetweenSlices": 2.2,
  "TotalReadoutTime": 0.0243749,
  "TxRefAmp": 247.681,
  "WipMemBlock": "0f5af975-1902-475b-ae93-5847667df085||Sequence: R017 nxva30a/master r/d34922cc2+; Jun 27 2022 13:20:16 by eja"
}