{
  "AcquisitionDuration": 1230.47,
  "AcquisitionMatrixPE": 76,
  "AcquisitionTime": "18:17:50.235000",
  "B0FieldSource": ["pilot021pepolarbold", "pilot021phasediff"],
  "BandwidthPerPixelPhaseEncode": 40.486,
  "BaseResolution": 102,
  "DerivedVendorReportedEchoSpacing": 0.000649997,
  "DwellTime": 2.5e-06,
  "EchoNumber": 3,
  "EchoTime": 0.0518,
  "EchoTrainLength": 28,
  "EffectiveEchoSpacing": 0.000324999,
  "FlipAngle": 64,
  "ImageOrientationPatientDICOM": [
    0.99804,
    0.0105178,
    0.0616968,
    0.0116713,
    0.937209,
    -0.348573
  ],
  "ImageType": ["ORIGINAL", "PRIMARY", "FMRI", "NONE"],
  "ImageTypeText": [
    "ORIGINAL",
    "PRIMARY",
    "M",
    "MB",
    "TE3",
    "DIS2D"
  ],
  "InPlanePhaseEncodingDirectionDICOM": "ROW",
  "PercentPhaseFOV": 74.5098,
  "PhaseEchoTime1": 0.0126,
  "PhaseEchoTime2": 0.0322,
  "PhaseEncodingDirection": "i",
  "PixelBandwidth": 1961,
  "ProtocolName": "func-bold_task-rest_dir-RL__cmrr_me4_sms4",
  "PulseSequenceName": "epfid2d4_76",
  "ReceiveCoilActiveElements": "HC1-7",
  "ReconMatrixPE": 76,
  "RefLinesPE": 18,
  "RepetitionTime": 1.6,
  "SequenceVariant": "SK\\SS\\OSP",
  "SeriesDescription": "func-bold_task-rest_dir-RL__cmrr_me4_sms4",
  "SeriesNumber": 33,
  "ShimSetting": [
    8235,
    -5622,
    -6000,
    664,
    -53,
    -179,
    20,
    -1
  ],
  "SliceThickness": 2.2,
  "SliceTiming": [
    0, 0.845, 0.1075, 0.95, 0.2125, 1.055, 0.3175, 1.16, 0.4225, 1.265, 0.5275, 1.37, 0.6325, 1.475,
    0.7375, 0, 0.845, 0.1075, 0.95, 0.2125, 1.055, 0.3175, 1.16, 0.4225, 1.265, 0.5275, 1.37, 0.6325,
    1.475, 0.7375, 0, 0.845, 0.1075, 0.95, 0.2125, 1.055, 0.3175, 1.16, 0.4225, 1.265, 0.5275, 1.37,
    0.6325, 1.475, 0.7375, 0, 0.845, 0.1075, 0.95, 0.2125, 1.055, 0.3175, 1.16, 0.4225, 1.265, 0.5275,
    1.37, 0.6325, 1.475, 0.7375
  ],
  "SpacingBetweenSlices": 2.2,
  "TotalReadoutTime": 0.0243749,
  "TxRefAmp": 247.681,
  "WipMemBlock": "c199a37e-4b9a-44d0-8c7d-8f927fa9265d||Sequence: R017 nxva30a/master r/d34922cc2+; Jun 27 2022 13:20:16 by eja"
}