{
  "AcquisitionDuration": 30.727,
  "AcquisitionMatrixPE": 76,
  "AcquisitionTime": "18:59:40.035000",
  "B0FieldIdentifier": "pilot020pepolarbold",
  "BandwidthPerPixelPhaseEncode": 40.486,
  "BaseResolution": 102,
  "DerivedVendorReportedEchoSpacing": 0.000649997,
  "DwellTime": 2.5e-06,
  "EchoTrainLength": 28,
  "EffectiveEchoSpacing": 0.000324999,
  "FlipAngle": 64,
  "ImageOrientationPatientDICOM": [
    0.998991,
    0.032011,
    0.0315146,
    -0.0183095,
    0.930802,
    -0.365066
  ],
  "ImageType": ["ORIGINAL", "PRIMARY", "FMRI", "NONE"],
  "ImageTypeText": ["ORIGINAL", "PRIMARY", "M", "DIS2D"],
  "InPlanePhaseEncodingDirectionDICOM": "ROW",
  "PercentPhaseFOV": 74.5098,
  "PhaseEncodingDirection": "i",
  "PixelBandwidth": 1961,
  "ProcedureStepDescription": "RESEARCH Oscar",
  "ProtocolName": "fmap-epi_acq-bold_dir-RL__cmrr_me4_sms1",
  "PulseSequenceName": "epfid2d1_76",
  "ReceiveCoilActiveElements": "HC1-7",
  "ReconMatrixPE": 76,
  "RefLinesPE": 18,
  "RepetitionTime": 3.811,
  "SequenceVariant": "SK\\SS\\OSP",
  "SeriesDescription": "fmap-epi_acq-bold_dir-RL__cmrr_me4_sms1",
  "SeriesNumber": 26,
  "ShimSetting": [
    8231,
    -5613,
    -6009,
    690,
    -61,
    -250,
    0,
    5
  ],
  "SliceThickness": 2.2,
  "SliceTiming": [
    1.895, 0, 1.9575, 0.0625, 2.02, 0.125, 2.085, 0.1875, 2.1475, 0.2525, 2.21, 0.315, 2.2725, 0.3775,
    2.3375, 0.4425, 2.4, 0.505, 2.4625, 0.5675, 2.5275, 0.63, 2.59, 0.695, 2.6525, 0.7575, 2.715, 0.82,
    2.78, 0.8825, 2.8425, 0.9475, 2.905, 1.01, 2.9675, 1.0725, 3.0325, 1.1375, 3.095, 1.2, 3.1575,
    1.2625, 3.22, 1.325, 3.285, 1.39, 3.3475, 1.4525, 3.41, 1.515, 3.475, 1.5775, 3.5375, 1.6425, 3.6,
    1.705, 3.6625, 1.7675, 3.7275, 1.8325
  ],
  "SpacingBetweenSlices": 2.2,
  "TotalReadoutTime": 0.0243749,
  "TxRefAmp": 247.631,
  "WipMemBlock": "a7e7d1f1-46de-442b-9897-d4b3a311a5b3||Sequence: R017 nxva30a/master r/d34922cc2+; Jun 27 2022 13:20:16 by eja"
}