{
  "AcquisitionMatrixPE": 114,
  "AcquisitionTime": "18:13:37.160000",
  "B0FieldIdentifier": "pilot020phasediff",
  "BaseResolution": 114,
  "DwellTime": 3.6e-06,
  "EchoTime": 0.00691,
  "EchoTime1": 0.00445,
  "EchoTime2": 0.00691,
  "FlipAngle": 55,
  "ImageOrientationPatientDICOM": [
    0.99972,
    0.0232755,
    -0.00428653,
    -0.0233852,
    0.943618,
    -0.33021
  ],
  "PartialFourier": 1,
  "PhaseEncodingDirection": "j",
  "PhaseEncodingSteps": 114,
  "PixelBandwidth": 1218,
  "ProcedureStepDescription": "RESEARCH Oscar",
  "ProtocolName": "fmap-phasediff__gre",
  "ReceiveCoilActiveElements": "HC1-7",
  "ReconMatrixPE": 114,
  "RepetitionTime": 0.324,
  "SAR": 0.117736,
  "ScanOptions": "PER",
  "SeriesDescription": "fmap-phasediff__gre",
  "SeriesNumber": 14,
  "ShimSetting": [
    8229,
    -5618,
    -6014,
    673,
    -71,
    -284,
    0,
    1
  ],
  "SliceThickness": 2,
  "SliceTiming": [
    74.846, 0, 0, 0, 0, 0, 0, 0, 0, 0, 0, 0, 0, 0, 0, 0, 0, 0, 0, 0, 0, 0, 0, 0, 0, 0, 0, 0, 0, 0, 0, 0,
    0, 0, 0, 0, 0, 0, 0, 0, 0, 0, 0, 0, 0, 0, 0, 0, 0, 0, 0, 0, 0, 0, 0, 0, 0, 0, 0, 0, 0, 0, 0, 0, 0,
    0, 0, 0, 0, 0, 0, 0
  ],
  "SpacingBetweenSlices": 2,
  "TxRefAmp": 247.631,
  "dcmmeta_affine": [
    [-1.9994399547576904, -0.046770401298999786, 0.007000000216066837, 116.67605590820312],
    [-0.04655100032687187, 1.8872359991073608, -0.6610000133514404, -62.07966613769531],
    [-0.008573059923946857, 0.6604200005531311, 1.8880000114440918, -85.8254623413086],
    [0.0, 0.0, 0.0, 1.0]
  ],
  "dcmmeta_reorient_transform": [
    [0.0, -1.0, 0.0, 113.0],
    [1.0, 0.0, 0.0, 0.0],
    [0.0, 0.0, -1.0, 71.0],
    [0.0, 0.0, 0.0, 1.0]
  ],
  "dcmmeta_shape": [114, 114, 72],
  "global": {
    "const": {
      "AcquisitionMatrix": [114, 0, 0, 114],
      "AcquisitionNumber": 1,
      "AngioFlag": "N",
      "BeatRejectionFlag": "N",
      "BitsAllocated": 16,
      "BitsStored": 12,
      "BodyPartExamined": "BRAIN",
      "BurnedInAnnotation": "NO",
      "CardiacNumberOfImages": 1,
      "Columns": 114,
      "ConfidentialityCode": "N",
      "ContentQualification": "PRODUCT",
      "ContentTime": "181455",
      "EchoTime": 6.91,
      "EchoTrainLength": 0,
      "FlipAngle": 55.0,
      "HighBit": 11,
      "ImageOrientationPatient": [
        0.99972,
        0.0232755,
        -0.00428653,
        -0.0233852,
        0.943618,
        -0.33021
      ],
      "ImageType": ["ORIGINAL", "PRIMARY", "P", "DIS2D", "MFSPLIT"],
      "ImagedNucleus": "1H",
      "ImagingFrequency": 123.248101,
      "InPlanePhaseEncodingDirection": "COL",
      "InstanceCreationTime": "181337.160000",
      "LargestImagePixelValue": 4095,
      "LossyImageCompression": "00",
      "MRAcquisitionType": "2D",
      "MagneticFieldStrength": 3.0,
      "Manufacturer": "Siemens Healthineers",
      "ManufacturerModelName": "MAGNETOM Prisma Fit",
      "ModalitiesInStudy": ["MR", "SR"],
      "Modality": "MR",
      "NumberOfAverages": 1.0,
      "NumberOfPhaseEncodingSteps": 114,
      "NumberOfStudyRelatedInstances": 32133,
      "NumberOfTemporalPositions": 1,
      "PercentPhaseFieldOfView": 100.0,
      "PercentSampling": 100.0,
      "PerformedProcedureStepStartTime": "171829.900000",
      "PhotometricInterpretation": "MONOCHROME2",
      "PixelBandwidth": 1218.0,
      "PixelRepresentation": 0,
      "PixelSpacing": [2.0, 2.0],
      "PresentationLUTShape": "IDENTITY",
      "ProtocolName": "fmap-phasediff__gre",
      "ReceiveCoilName": "HeadNeck_64",
      "RepetitionTime": 324.0,
      "RescaleIntercept": -4096.0,
      "RescaleSlope": 2.0,
      "Rows": 114,
      "SAR": 0.11773625669886,
      "SamplesPerPixel": 1,
      "ScanOptions": "PER",
      "ScanningSequence": "GR",
      "SequenceName": "*fm2d2r",
      "SequenceVariant": "SK",
      "SeriesDescription": "fmap-phasediff__gre",
      "SeriesNumber": 14,
      "SeriesTime": "181339",
      "SliceThickness": 2.0,
      "SmallestImagePixelValue": 0,
      "SoftwareVersions": "syngo MR XA30",
      "SpacingBetweenSlices": 2.0,
      "SpecificCharacterSet": "ISO_IR 100",
      "StudyID": "7f552491-f0ae-4c",
      "StudyTime": "171829",
      "TransmitCoilName": "Body"
    },
