{
  "AcquisitionDuration": 30.725,
  "AcquisitionMatrixPE": 96,
  "AcquisitionTime": "19:00:15.947500",
  "B0FieldIdentifier": "pilot020pepolarbold",
  "BandwidthPerPixelPhaseEncode": 39.308,
  "BaseResolution": 96,
  "DerivedVendorReportedEchoSpacing": 0.000530002,
  "DwellTime": 2.3e-06,
  "EchoTrainLength": 35,
  "EffectiveEchoSpacing": 0.000265001,
  "FlipAngle": 64,
  "ImageOrientationPatientDICOM": [
    0.998991,
    0.032011,
    0.0315147,
    -0.0183094,
    0.930802,
    -0.365066
  ],
  "ImageType": ["ORIGINAL", "PRIMARY", "FMRI", "NONE"],
  "ImageTypeText": ["ORIGINAL", "PRIMARY", "M", "DIS2D"],
  "InPlanePhaseEncodingDirectionDICOM": "COL",
  "PercentPhaseFOV": 100,
  "PhaseEncodingDirection": "j",
  "PixelBandwidth": 2264,
  "ProcedureStepDescription": "RESEARCH Oscar",
  "ProtocolName": "fmap-epi_acq-bold_dir-PA__cmrr_me4_sms1",
  "PulseSequenceName": "epfid2d1_96",
  "ReceiveCoilActiveElements": "HC1-7",
  "ReconMatrixPE": 96,
  "RefLinesPE": 22,
  "RepetitionTime": 3.808,
  "SequenceVariant": "SK\\SS",
  "SeriesDescription": "fmap-epi_acq-bold_dir-PA__cmrr_me4_sms1",
  "SeriesNumber": 28,
  "ShimSetting": [
    8231,
    -5613,
    -6009,
    690,
    -60,
    -249,
    -1,
    8
  ],
  "SliceThickness": 2.2,
  "SliceTiming": [
    1.8925, 0, 1.955, 0.0625, 2.02, 0.125, 2.0825, 0.1875, 2.145, 0.2525, 2.2075, 0.315, 2.2725, 0.3775,
    2.335, 0.44, 2.3975, 0.505, 2.46, 0.5675, 2.525, 0.63, 2.5875, 0.6925, 2.65, 0.7575, 2.715, 0.82,
    2.7775, 0.8825, 2.84, 0.945, 2.9025, 1.01, 2.9675, 1.0725, 3.03, 1.135, 3.0925, 1.1975, 3.155,
    1.2625, 3.22, 1.325, 3.2825, 1.3875, 3.345, 1.45, 3.4075, 1.515, 3.4725, 1.5775, 3.535, 1.64,
    3.5975, 1.7025, 3.66, 1.7675, 3.725, 1.83
  ],
  "SpacingBetweenSlices": 2.2,
  "TotalReadoutTime": 0.0251751,
  "TxRefAmp": 247.631,
  "WipMemBlock": "19b8c3b7-51b8-4fff-818a-237eaca4d129||Sequence: R017 nxva30a/master r/d34922cc2+; Jun 27 2022 13:20:16 by eja"
}